GEM
  remote: https://rubygems.org/
  specs:
    appium_lib (13.0.1)
      appium_lib_core (>= 6, < 8)
      nokogiri (~> 1.8, >= 1.8.1)
      tomlrb (>= 1.1, < 3.0)
    appium_lib_core (7.3.2)
      faye-websocket (~> 0.11.0)
      selenium-webdriver (~> 4.2, < 4.16)
    eventmachine (1.2.7)
    faye-websocket (0.11.3)
      eventmachine (>= 0.12.0)
      websocket-driver (>= 0.5.1)
    nokogiri (1.15.5-arm64-darwin)
      racc (~> 1.4)
    racc (1.7.3)
    rexml (3.2.6)
    rubyzip (2.3.2)
    selenium-webdriver (4.15.0)
      rexml (~> 3.2, >= 3.2.5)
      rubyzip (>= 1.2.2, < 3.0)
      websocket (~> 1.0)
    tomlrb (2.0.3)
    websocket (1.2.10)
    websocket-driver (0.7.6)
      websocket-extensions (>= 0.1.0)
    websocket-extensions (0.1.5)

PLATFORMS
  arm64-darwin-23

DEPENDENCIES
  appium_lib

BUNDLED WITH
   2.4.6
